PATH
  remote: .
  specs:
    hostip (0.3.0)
      httparty

GEM
  remote: http://rubygems.org/
  specs:
    httparty (0.12.0)
      json (~> 1.8)
      multi_xml (>= 0.5.2)
    json (1.8.0)
    minitest (5.0.6)
    multi_xml (0.5.5)
    rake (10.1.0)

PLATFORMS
  ruby

DEPENDENCIES
  hostip!
  minitest
  rake
